GIT
  remote: git://github.com/ZachBeta/twitter_analyzer.git
  revision: 65c392cab2ed27132d5f09c734f7735151cef917
  specs:
    twitter_analyzer (0.1.1)
      twitter

GEM
  specs:
    faraday (0.8.1)
      multipart-post (~> 1.1)
    multi_json (1.3.6)
    multipart-post (1.1.5)
    simple_oauth (0.1.8)
    twitter (2.5.0)
      faraday (~> 0.8)
      multi_json (~> 1.3)
      simple_oauth (~> 0.1.6)

PLATFORMS
  ruby

DEPENDENCIES
  twitter_analyzer!
